{
	"Manufacturer": "Philips",
	"ManufacturersModelName": "Achieva",
	"ProcedureStepDescription": "IBIC-UDALL",
	"ScanningSequence": "GR",
	"SequenceVariant": "SK",
	"SeriesDescription": "ANT_F",
	"BodyPartExamined": "BRAIN",
	"ProtocolName": "WIP_ANT_F_SENSE",
	"ImageType": ["ORIGINAL", "PRIMARY", "M", "FFE", "M", "FFE"],
	"AcquisitionDateTime": "2013-06-05T11:26:52.820000",
	"PhilipsRescaleSlope": 2.31209,
	"PhilipsRescaleIntercept": 0,
	"PhilipsScaleSlope": 0.000886167,
	"UsePhilipsFloatNotDisplayScaling": 1,
	"MagneticFieldStrength": 3,
	"FlipAngle": 79,
	"EchoTime": 0.025001,
	"RepetitionTime": 2.4,
	"ConversionSoftware": "dcm2niix",
	"ConversionSoftwareVersion": "v1.0.20170411 GCC4.3.2"
}
