{
	"Manufacturer": "Philips",
	"ManufacturersModelName": "N/A",
	"SequenceVariant": "tfl3d1_ns",
	"ProtocolName": "WIPANT_CSENSE",
	"ImageType": ["ORIGINAL"],
	"PhilipsRescaleSlope": 2.45641,
	"PhilipsRescaleIntercept": 0,
	"PhilipsScaleSlope": 0.000950902,
	"UsePhilipsFloatNotDisplayScaling": 1,
	"EchoTime": 0.025,
	"RepetitionTime": 2.4,
	"ConversionSoftware": "dcm2niix",
	"ConversionSoftwareVersion": "v1.0.20170411 GCC4.3.2"
}
